GIT
  remote: https://github.com/pivotal-cf-experimental/fakefs.git
  revision: ebde3d6cbe20339895adcb511108a12ee7820c2c
  ref: ebde3d6c
  specs:
    fakefs (0.5.2)

PATH
  remote: agent_client
  specs:
    agent_client (1.0000.0)
      httpclient (= 2.4.0)
      yajl-ruby (~> 1.2.0)

PATH
  remote: blobstore_client
  specs:
    blobstore_client (1.0000.0)
      aws-sdk (= 1.44.0)
      azure (~> 0.6.4)
      bosh_common (~> 1.0000.0)
      fog (~> 1.23.0)
      httpclient (= 2.4.0)
      multi_json (~> 1.1)
      ruby-atmos-pure (~> 1.0.5)

PATH
  remote: bosh-core
  specs:
    bosh-core (1.0000.0)
      gibberish (~> 1.2.0)
      yajl-ruby (~> 1.2.0)

PATH
  remote: bosh-dev
  specs:
    bosh-dev (0.0.1.unpublished)
      bosh-core
      bosh-stemcell
      bosh_cli
      bosh_cli_plugin_aws
      bosh_common
      bundler
      logging
      membrane
      peach
      ruby_vcloud_sdk (= 0.7.1)

PATH
  remote: bosh-director
  specs:
    bosh-director (1.0000.0)
      bcrypt-ruby (~> 3.0.1)
      blobstore_client (~> 1.0000.0)
      bosh-core (~> 1.0000.0)
      bosh-director-core (~> 1.0000.0)
      bosh-template (~> 1.0000.0)
      bosh_aws_cpi (~> 1.0000.0)
      bosh_azure_cpi (~> 1.0000.0)
      bosh_common (~> 1.0000.0)
      bosh_cpi (~> 1.0000.0)
      bosh_openstack_cpi (~> 1.0000.0)
      bosh_vcloud_cpi (~> 0.7.2)
      bosh_vsphere_cpi (~> 1.0000.0)
      bosh_warden_cpi (~> 1.0000.0)
      eventmachine (~> 1.0.0)
      fog (~> 1.23.0)
      httpclient (= 2.4.0)
      logging (~> 1.8.2)
      membrane (~> 1.1.0)
      nats (= 0.5.0.beta.12)
      netaddr (~> 1.5.0)
      rack-test (~> 0.6.2)
      rake
      redis (~> 3.0.2)
      resque (~> 1.25.0)
      resque-backtrace (~> 0.0.1)
      rufus-scheduler (~> 2.0.18)
      semi_semantic (~> 1.1.0)
      sequel (~> 3.43.0)
      sinatra (~> 1.4.2)
      sys-filesystem (~> 1.1.0)
      thin (~> 1.5.0)
      yajl-ruby (~> 1.2.0)

PATH
  remote: bosh-director-core
  specs:
    bosh-director-core (1.0000.0)
      bosh-template (~> 1.0000.0)
      bosh_common (~> 1.0000.0)

PATH
  remote: bosh-monitor
  specs:
    bosh-monitor (1.0000.0)
      aws-sdk (= 1.44.0)
      dogapi (~> 1.6.0)
      em-http-request (~> 0.3.0)
      eventmachine (~> 1.0.0)
      logging (~> 1.8.2)
      nats (= 0.5.0.beta.12)
      sinatra (~> 1.4.2)
      thin (~> 1.5.0)
      yajl-ruby (~> 1.2.0)

PATH
  remote: bosh-registry
  specs:
    bosh-registry (1.0000.0)
      aws-sdk (= 1.44.0)
      azure (~> 0.6.4)
      fog (~> 1.23.0)
      sequel (~> 3.43.0)
      sinatra (~> 1.4.2)
      thin (~> 1.5.0)
      yajl-ruby (~> 1.2.0)

PATH
  remote: bosh-release
  specs:
    bosh-release (1.0000.0)
      agent_client (~> 1.0000.0)
      blobstore_client (~> 1.0000.0)
      bosh-template (~> 1.0000.0)
      bosh_common (~> 1.0000.0)
      trollop (~> 1.16)
      yajl-ruby (~> 1.2.0)

PATH
  remote: bosh-stemcell
  specs:
    bosh-stemcell (1.0000.0)
      bosh_aws_cpi (~> 1.0000.0)

PATH
  remote: bosh-template
  specs:
    bosh-template (1.0000.0)
      semi_semantic (~> 1.1.0)

PATH
  remote: bosh_aws_cpi
  specs:
    bosh_aws_cpi (1.0000.0)
      aws-sdk (= 1.44.0)
      bosh-registry (~> 1.0000.0)
      bosh_common (~> 1.0000.0)
      bosh_cpi (~> 1.0000.0)
      httpclient (= 2.4.0)
      yajl-ruby (>= 0.8.2)

PATH
  remote: bosh_azure_cpi
  specs:
    bosh_azure_cpi (1.0000.0)
      azure (~> 0.6.4)
      bosh-registry (~> 1.0000.0)
      bosh_common (~> 1.0000.0)
      bosh_cpi (~> 1.0000.0)
      httpclient
      membrane
      nokogiri (~> 1.5)
      psych

PATH
  remote: bosh_cli
  specs:
    bosh_cli (1.0000.0)
      blobstore_client (~> 1.0000.0)
      bosh-template (~> 1.0000.0)
      bosh_common (~> 1.0000.0)
      highline (~> 1.6.2)
      httpclient (= 2.4.0)
      json_pure (~> 1.7)
      minitar (~> 0.5.4)
      net-scp (~> 1.1.0)
      net-ssh (>= 2.2.1)
      net-ssh-gateway (~> 1.2.0)
      netaddr (~> 1.5.0)
      progressbar (~> 0.9.0)
      terminal-table (~> 1.4.3)

PATH
  remote: bosh_cli_plugin_aws
  specs:
    bosh_cli_plugin_aws (1.0000.0)
      bosh-stemcell (~> 1.0000.0)
      bosh_aws_cpi (~> 1.0000.0)
      bosh_cli (~> 1.0000.0)
      bosh_cli_plugin_micro (~> 1.0000.0)

PATH
  remote: bosh_cli_plugin_micro
  specs:
    bosh_cli_plugin_micro (1.0000.0)
      agent_client (~> 1.0000.0)
      blobstore_client (~> 1.0000.0)
      bosh-director-core (~> 1.0000.0)
      bosh-registry (~> 1.0000.0)
      bosh-stemcell (~> 1.0000.0)
      bosh_aws_cpi (~> 1.0000.0)
      bosh_azure_cpi (~> 1.0000.0)
      bosh_cli (~> 1.0000.0)
      bosh_cpi (~> 1.0000.0)
      bosh_openstack_cpi (~> 1.0000.0)
      bosh_vcloud_cpi (= 0.7.2)
      bosh_vsphere_cpi (~> 1.0000.0)
      mono_logger (~> 1.1.0)
      sqlite3 (~> 1.3.7)

PATH
  remote: bosh_common
  specs:
    bosh_common (1.0000.0)
      logging (~> 1.8.2)
      semi_semantic (~> 1.1.0)

PATH
  remote: bosh_cpi
  specs:
    bosh_cpi (1.0000.0)
      bosh_common (~> 1.0000.0)
      logging (~> 1.8.2)
      membrane (~> 1.1.0)

PATH
  remote: bosh_openstack_cpi
  specs:
    bosh_openstack_cpi (1.0000.0)
      bosh-registry (~> 1.0000.0)
      bosh_common (~> 1.0000.0)
      bosh_cpi (~> 1.0000.0)
      fog (~> 1.23.0)
      httpclient (= 2.4.0)
      membrane (~> 1.1.0)
      yajl-ruby (>= 0.8.2)

PATH
  remote: bosh_vsphere_cpi
  specs:
    bosh_vsphere_cpi (1.0000.0)
      bosh_common (~> 1.0000.0)
      bosh_cpi (~> 1.0000.0)
      builder (~> 3.1.4)
      httpclient (= 2.4.0)
      membrane (~> 1.1.0)
      mysql2 (~> 0.3.11)
      nokogiri (~> 1.5.10)
      pg (~> 0.15.1)
      sequel (~> 3.43.0)

PATH
  remote: bosh_warden_cpi
  specs:
    bosh_warden_cpi (1.0000.0)
      bosh_common
      bosh_cpi
      sequel
      warden-client
      warden-protocol
      yajl-ruby

PATH
  remote: simple_blobstore_server
  specs:
    simple_blobstore_server (1.0000.0)
      sinatra (~> 1.4.2)
      thin (~> 1.5.0)

GEM
  remote: https://rubygems.org/
  specs:
    addressable (2.3.6)
    ast (2.0.0)
    astrolabe (1.3.0)
      parser (>= 2.2.0.pre.3, < 3.0)
    aws-sdk (1.44.0)
      json (~> 1.4)
      nokogiri (>= 1.4.4)
    azure (0.6.4)
      json (~> 1.8)
      mime-types (~> 1.0)
      nokogiri (~> 1.5)
      systemu (~> 2.6)
      uuid (~> 2.0)
    bcrypt-ruby (3.0.1)
    beefcake (0.3.7)
    bosh_vcloud_cpi (0.7.2)
      bosh_common
      bosh_cpi
      builder (~> 3.1.4)
      httpclient (~> 2.4.0)
      membrane
      nokogiri (~> 1.5.6)
      rest-client (~> 1.6.7)
      yajl-ruby (>= 0.8.2)
    builder (3.1.4)
    codeclimate-test-reporter (0.4.6)
      simplecov (>= 0.7.1, < 1.0.0)
    crack (0.4.2)
      safe_yaml (~> 1.0.0)
    daemons (1.1.9)
    diff-lcs (1.2.5)
    docile (1.1.5)
    dogapi (1.6.0)
      json (>= 1.5.1)
    em-http-request (0.3.0)
      addressable (>= 2.0.0)
      escape_utils
      eventmachine (>= 0.12.9)
    erubis (2.7.0)
    escape_utils (1.0.1)
    eventmachine (1.0.6)
    excon (0.44.1)
    ffi (1.9.6)
    fog (1.23.0)
      fog-brightbox
      fog-core (~> 1.23)
      fog-json
      fog-softlayer
      ipaddress (~> 0.5)
      nokogiri (~> 1.5, >= 1.5.11)
    fog-brightbox (0.7.1)
      fog-core (~> 1.22)
      fog-json
      inflecto (~> 0.0.2)
    fog-core (1.28.0)
      builder
      excon (~> 0.38)
      formatador (~> 0.2)
      mime-types
      net-scp (~> 1.1)
      net-ssh (>= 2.1.3)
    fog-json (1.0.0)
      multi_json (~> 1.0)
    fog-softlayer (0.4.0)
      fog-core
      fog-json
    foodcritic (4.0.0)
      erubis
      gherkin (~> 2.11)
      nokogiri (~> 1.5)
      rake
      rufus-lru (~> 1.0)
      treetop (~> 1.4)
      yajl-ruby (~> 1.1)
    formatador (0.2.5)
    gherkin (2.12.2)
      multi_json (~> 1.3)
    gibberish (1.2.2)
    highline (1.6.21)
    httpclient (2.4.0)
    inflecto (0.0.2)
    ipaddress (0.8.0)
    jenkins_api_client (0.14.1)
      json
      mixlib-shellout (>= 1.1.0)
      nokogiri (~> 1.5.0)
      terminal-table (>= 1.4.0)
      thor (>= 0.16.0)
    json (1.8.2)
    json_pure (1.8.2)
    little-plugger (1.1.3)
    log4r (1.1.10)
    logging (1.8.2)
      little-plugger (>= 1.1.3)
      multi_json (>= 1.8.4)
    macaddr (1.7.1)
      systemu (~> 2.6.2)
    machinist (1.0.6)
    membrane (1.1.0)
    mime-types (1.25.1)
    minitar (0.5.4)
    mixlib-shellout (2.0.1)
    mono_logger (1.1.0)
    multi_json (1.10.1)
    mysql2 (0.3.17)
    nats (0.5.0.beta.12)
      daemons (>= 1.1.9)
      eventmachine (>= 1.0.3)
      json_pure (>= 1.8.0)
      thin (>= 1.5.0)
    net-scp (1.1.2)
      net-ssh (>= 2.6.5)
    net-ssh (2.9.2)
    net-ssh-gateway (1.2.0)
      net-ssh (>= 2.6.5)
    netaddr (1.5.0)
    nokogiri (1.5.11)
    parallel (1.3.3)
    parallel_tests (1.0.9)
      parallel
    parser (2.2.0.2)
      ast (>= 1.1, < 3.0)
    peach (0.5.1)
    pg (0.15.1)
    polyglot (0.3.5)
    powerpack (0.0.9)
    progressbar (0.9.2)
    psych (2.0.12)
    rack (1.6.0)
    rack-protection (1.5.3)
      rack
    rack-test (0.6.3)
      rack (>= 1.0)
    rainbow (2.0.0)
    rake (10.4.2)
    rdoc (4.2.0)
      json (~> 1.4)
    redis (3.0.7)
    redis-namespace (1.5.1)
      redis (~> 3.0, >= 3.0.4)
    resque (1.25.2)
      mono_logger (~> 1.0)
      multi_json (~> 1.0)
      redis-namespace (~> 1.3)
      sinatra (>= 0.9.2)
      vegas (~> 0.1.2)
    resque-backtrace (0.0.1)
      resque (>= 1.0)
    rest-client (1.6.8)
      mime-types (~> 1.16)
      rdoc (>= 2.4.2)
    rspec (3.2.0)
      rspec-core (~> 3.2.0)
      rspec-expectations (~> 3.2.0)
      rspec-mocks (~> 3.2.0)
    rspec-core (3.2.0)
      rspec-support (~> 3.2.0)
    rspec-expectations (3.2.0)
      diff-lcs (>= 1.2.0, < 2.0)
      rspec-support (~> 3.2.0)
    rspec-its (1.1.0)
      rspec-core (>= 3.0.0)
      rspec-expectations (>= 3.0.0)
    rspec-mocks (3.2.0)
      diff-lcs (>= 1.2.0, < 2.0)
      rspec-support (~> 3.2.0)
    rspec-support (3.2.0)
    rubocop (0.28.0)
      astrolabe (~> 1.3)
      parser (>= 2.2.0.pre.7, < 3.0)
      powerpack (~> 0.0.6)
      rainbow (>= 1.99.1, < 3.0)
      ruby-progressbar (~> 1.4)
    ruby-atmos-pure (1.0.5)
      log4r (>= 1.1.9)
      ruby-hmac (>= 0.4.0)
    ruby-hmac (0.4.0)
    ruby-progressbar (1.7.1)
    ruby_vcloud_sdk (0.7.1)
      builder (~> 3.1.4)
      httpclient (~> 2.4.0)
      netaddr
      nokogiri (>= 1.5.6)
      rest-client (~> 1.6.7)
    rufus-lru (1.0.5)
    rufus-scheduler (2.0.24)
      tzinfo (>= 0.3.22)
    rugged (0.21.4)
    safe_yaml (1.0.4)
    semi_semantic (1.1.0)
    sequel (3.43.0)
    serverspec (0.15.4)
      highline
      net-ssh
      rspec (>= 2.13.0)
      specinfra (>= 0.7.1)
    simplecov (0.9.1)
      docile (~> 1.1.0)
      multi_json (~> 1.0)
      simplecov-html (~> 0.8.0)
    simplecov-html (0.8.0)
    sinatra (1.4.5)
      rack (~> 1.4)
      rack-protection (~> 1.4)
      tilt (~> 1.3, >= 1.3.4)
    specinfra (1.15.0)
    sqlite3 (1.3.10)
    sys-filesystem (1.1.3)
      ffi
    systemu (2.6.4)
    terminal-table (1.4.5)
    thin (1.5.1)
      daemons (>= 1.0.9)
      eventmachine (>= 0.12.6)
      rack (>= 1.0.0)
    thor (0.19.1)
    thread_safe (0.3.4)
    tilt (1.4.1)
    timecop (0.7.1)
    treetop (1.5.3)
      polyglot (~> 0.3)
    trollop (1.16.2)
    tzinfo (1.2.2)
      thread_safe (~> 0.1)
    uuid (2.3.7)
      macaddr (~> 1.0)
    vcr (2.9.3)
    vegas (0.1.11)
      rack (>= 1.0.0)
    warden-client (0.1.0)
      warden-protocol (~> 0.1.0)
    warden-protocol (0.1.4)
      beefcake (~> 0.3.0)
    webmock (1.20.4)
      addressable (>= 2.3.6)
      crack (>= 0.3.2)
    yajl-ruby (1.2.1)

PLATFORMS
  ruby

DEPENDENCIES
  agent_client!
  blobstore_client!
  bosh-core!
  bosh-dev!
  bosh-director!
  bosh-director-core!
  bosh-monitor!
  bosh-registry!
  bosh-release!
  bosh-stemcell!
  bosh-template!
  bosh_aws_cpi!
  bosh_azure_cpi!
  bosh_cli!
  bosh_cli_plugin_aws!
  bosh_cli_plugin_micro!
  bosh_common!
  bosh_cpi!
  bosh_openstack_cpi!
  bosh_vsphere_cpi!
  bosh_warden_cpi!
  codeclimate-test-reporter
  fakefs!
  foodcritic
  httpclient
  jenkins_api_client
  json
  machinist (~> 1.0)
  minitar
  mysql2
  nats
  net-ssh
  parallel_tests
  pg
  rack-test
  rake (~> 10.0)
  redis
  rest-client
  rspec (~> 3.0)
  rspec-its
  rubocop
  rugged
  serverspec
  simple_blobstore_server!
  simplecov (~> 0.9.0)
  specinfra
  sqlite3
  timecop
  vcr
  webmock
